GEM
  remote: https://rubygems.org/
  specs:
    terminal-table (3.0.2)
      unicode-display_width (>= 1.1.1, < 3)
    thor (1.3.2)
    unicode-display_width (2.5.0)

PLATFORMS
  ruby
  x86_64-linux

DEPENDENCIES
  terminal-table
  thor

BUNDLED WITH
   2.5.18
